PATH
  remote: vendor/gems/provideal-plugin-utils-0.1.3
  specs:
    provideal-plugin-utils (0.1.3)

PATH
  remote: vendor/gems/provideal-ui-0.2.0
  specs:
    provideal-ui (0.2.0)
      formtastic (>= 0.9.7)
      provideal-plugin-utils (>= 0.1.3)

GEM
  remote: https://rubygems.org/
  specs:
    RedCloth (4.2.9)
    RedCloth (4.2.9-x86-mingw32)
    RubyInline (3.11.3)
      ZenTest (~> 4.3)
    ZenTest (4.8.2)
    abstract (1.0.0)
    actionmailer (3.0.17)
      actionpack (= 3.0.17)
      mail (~> 2.2.19)
    actionpack (3.0.17)
      activemodel (= 3.0.17)
      activesupport (= 3.0.17)
      builder (~> 2.1.2)
      erubis (~> 2.6.6)
      i18n (~> 0.5.0)
      rack (~> 1.2.5)
      rack-mount (~> 0.6.14)
      rack-test (~> 0.5.7)
      tzinfo (~> 0.3.23)
    activemodel (3.0.17)
      activesupport (= 3.0.17)
      builder (~> 2.1.2)
      i18n (~> 0.5.0)
    activerecord (3.0.17)
      activemodel (= 3.0.17)
      activesupport (= 3.0.17)
      arel (~> 2.0.10)
      tzinfo (~> 0.3.23)
    activeresource (3.0.17)
      activemodel (= 3.0.17)
      activesupport (= 3.0.17)
    activesupport (3.0.17)
    acts_as_list (0.1.2)
    arel (2.0.10)
    barby (0.3.2)
    bcrypt-ruby (2.1.4-x86-mingw32)
    builder (2.1.2)
    cancan (1.0.2)
    devise (1.1.9)
      bcrypt-ruby (~> 2.1.2)
      warden (~> 1.0.2)
    erubis (2.6.6)
      abstract (>= 1.0.0)
    formtastic (1.2.3)
      actionpack (>= 2.3.7)
      activesupport (>= 2.3.7)
      i18n (~> 0.4)
    hoe (2.9.4)
      rake (>= 0.8.7)
    i18n (0.5.0)
    json (1.7.5)
    mail (2.2.19)
      activesupport (>= 2.3.6)
      i18n (>= 0.4.0)
      mime-types (~> 1.16)
      treetop (~> 1.4.8)
    mime-types (1.19)
    nokogiri (1.5.5-x86-mingw32)
    paperclip (2.3.1.1)
    pg (0.14.1-x86-mingw32)
    png (1.1.0)
      RubyInline (>= 3.5.0)
      hoe (>= 1.2.0)
    polyglot (0.3.3)
    prarupa (0.1.2)
      RedCloth (~> 4.2)
      rdiscount (~> 1.6)
    rack (1.2.5)
    rack-mount (0.6.14)
      rack (>= 1.0.0)
    rack-test (0.5.7)
      rack (>= 1.0)
    rails (3.0.17)
      actionmailer (= 3.0.17)
      actionpack (= 3.0.17)
      activerecord (= 3.0.17)
      activeresource (= 3.0.17)
      activesupport (= 3.0.17)
      bundler (~> 1.0)
      railties (= 3.0.17)
    rails-i18n (0.7.1)
      i18n (~> 0.5)
    railties (3.0.17)
      actionpack (= 3.0.17)
      activesupport (= 3.0.17)
      rake (>= 0.8.7)
      rdoc (~> 3.4)
      thor (~> 0.14.4)
    rake (10.0.0)
    rdiscount (1.6.8)
    rdoc (3.12)
      json (~> 1.4)
    thor (0.14.6)
    treetop (1.4.12)
      polyglot
      polyglot (>= 0.3.1)
    tzinfo (0.3.35)
    warden (1.0.6)
      rack (>= 1.0)
    will_paginate (3.0.3)

PLATFORMS
  x86-mingw32

DEPENDENCIES
  RedCloth (~> 4.2.3)
  acts_as_list (= 0.1.2)
  barby (= 0.3.2)
  cancan (= 1.0.2)
  devise (~> 1.1.7)
  formtastic (= 1.2.3)
  nokogiri (= 1.5.5)
  paperclip (= 2.3.1.1)
  pg
  png (~> 1.1.0)
  prarupa
  provideal-plugin-utils (= 0.1.3)!
  provideal-ui (= 0.2.0)!
  rails (= 3.0.17)
  rails-i18n
  will_paginate (= 3.0.3)
